PATH
  remote: .
  specs:
    flagit (0.0.4)
      git (~> 1.5)
      logger (~> 1.3)

GEM
  remote: https://rubygems.org/
  specs:
    git (1.5.0)
    logger (1.3.0)
    rake (12.3.2)

PLATFORMS
  ruby

DEPENDENCIES
  flagit!
  git
  logger
  rake

BUNDLED WITH
   1.17.1
